GEM
  remote: http://rubygems.org/
  specs:
    haml (3.1.7)
    rack (1.4.1)
    rack-flash (0.1.2)
      rack
    rack-protection (1.2.0)
      rack
    sass (3.2.1)
    sinatra (1.3.3)
      rack (~> 1.3, >= 1.3.6)
      rack-protection (~> 1.2)
      tilt (~> 1.3, >= 1.3.3)
    tilt (1.3.3)
    voidtools (0.2.9)

PLATFORMS
  ruby

DEPENDENCIES
  haml
  rack-flash
  sass
  sinatra
  voidtools
