GEM
  remote: http://rubygems.org/
  specs:
    haml (3.0.25)
    rack (1.2.2)
    sinatra (1.0)
      rack (>= 1.0)

PLATFORMS
  ruby

DEPENDENCIES
  haml
  sinatra
